GEM
  remote: https://rubygems.org/
  specs:
    activesupport (4.2.8)
      concurrent-ruby (~> 1.0, >= 1.0.2)
      i18n (~> 0.7)
      minitest (~> 5.1)
      tzinfo (~> 1.1)
    airborne (0.2.5)
      activesupport (>= 3.0.0)
      rack-test (~> 0.6, >= 0.6.2)
      rest-client (~> 1.7, >= 1.7.3)
      rspec (~> 3.1, >= 3.1.0)
    childprocess (0.5.9)
      ffi (~> 1.0, >= 1.0.11)
    commonwatir (4.0.0)
    concurrent-ruby (1.0.2)
    diff-lcs (1.2.5)
    domain_name (0.5.20160615)
      unf (>= 0.0.5, < 1.0.0)
    ffi (1.9.14)
    http-cookie (1.0.2)
      domain_name (~> 0.5)
    i18n (0.7.0)
    mail (2.6.4)
      mime-types (>= 1.16, < 4)
    mime-types (2.99.2)
    minitest (5.9.0)
    multi_json (1.12.1)
    netrc (0.11.0)
    open_uri_redirections (0.2.1)
    pony (1.11)
      mail (>= 2.0)
    rack (1.6.8)
    rack-test (0.6.3)
      rack (>= 1.0)
    rake (11.2.2)
    rest-client (1.8.0)
      http-cookie (>= 1.0.2, < 2.0)
      mime-types (>= 1.16, < 3.0)
      netrc (~> 0.7)
    rspec (3.5.0)
      rspec-core (~> 3.5.0)
      rspec-expectations (~> 3.5.0)
      rspec-mocks (~> 3.5.0)
    rspec-core (3.5.1)
      rspec-support (~> 3.5.0)
    rspec-expectations (3.5.0)
      diff-lcs (>= 1.2.0, < 2.0)
      rspec-support (~> 3.5.0)
    rspec-mocks (3.5.0)
      diff-lcs (>= 1.2.0, < 2.0)
      rspec-support (~> 3.5.0)
    rspec-rerun (1.1.0)
      rspec (~> 3.0)
    rspec-retry (0.4.5)
      rspec-core
    rspec-support (3.5.0)
    rubyzip (1.2.0)
    selenium-webdriver (2.53.4)
      childprocess (~> 0.5)
      rubyzip (~> 1.0)
      websocket (~> 1.0)
    slack-notifier (1.5.1)
    thor (0.19.1)
    thread_safe (0.3.5)
    tzinfo (1.2.2)
      thread_safe (~> 0.1)
    unf (0.1.4)
      unf_ext
    unf_ext (0.0.7.2)
    watir (5.0.0)
      commonwatir (~> 4)
      watir-webdriver
    watir-rspec (2.0.3)
      rspec (~> 3.0)
      watir (~> 5.0)
    watir-webdriver (0.9.1)
      selenium-webdriver (>= 2.46.2)
    websocket (1.2.3)

PLATFORMS
  ruby

DEPENDENCIES
  airborne
  multi_json
  open_uri_redirections
  pony
  rake
  rspec
  rspec-rerun
  rspec-retry
  slack-notifier
  thor
  watir-rspec
  watir-webdriver

BUNDLED WITH
   1.12.5
